GEM
  remote: https://rubygems.org/
  specs:
    minitest (5.4.3)
    ruby-terminfo (0.1.1)

PLATFORMS
  ruby

DEPENDENCIES
  minitest (= 5.4.3)
  ruby-terminfo (= 0.1.1)
